STORAGE: NONE
RESTRICTION: || (== net5.0) (== netstandard2.0) (== netstandard2.1)
NUGET
  remote: https://api.nuget.org/v3/index.json
    OpenTK (4.7.4)
      OpenTK.Compute (>= 4.7.4)
      OpenTK.Core (>= 4.7.4)
      OpenTK.Graphics (>= 4.7.4)
      OpenTK.Input (>= 4.7.4)
      OpenTK.Mathematics (>= 4.7.4)
      OpenTK.OpenAL (>= 4.7.4)
      OpenTK.Windowing.Common (>= 4.7.4)
      OpenTK.Windowing.Desktop (>= 4.7.4)
      OpenTK.Windowing.GraphicsLibraryFramework (>= 4.7.4)
    OpenTK.Compute (4.7.4)
    OpenTK.Core (4.7.4)
    OpenTK.GLControl (3.1)
      OpenTK (>= 3.1)
    OpenTK.Graphics (4.7.4)
      OpenTK.Core (>= 4.7.4 < 4.8) - restriction: || (== net5.0) (&& (== netstandard2.0) (>= netstandard2.1)) (== netstandard2.1)
      OpenTK.Mathematics (>= 4.7.4 < 4.8) - restriction: || (== net5.0) (&& (== netstandard2.0) (>= netstandard2.1)) (== netstandard2.1)
    OpenTK.Input (4.7.4)
    OpenTK.Mathematics (4.7.4)
      System.Runtime.CompilerServices.Unsafe (>= 5.0) - restriction: || (== net5.0) (&& (== netstandard2.0) (>= netstandard2.1)) (== netstandard2.1)
    OpenTK.OpenAL (4.7.4)
      OpenTK.Core (>= 4.7.4 < 4.8) - restriction: || (== net5.0) (&& (== netstandard2.0) (>= netcoreapp3.1)) (&& (== netstandard2.1) (>= netcoreapp3.1))
      OpenTK.Mathematics (>= 4.7.4 < 4.8) - restriction: || (== net5.0) (&& (== netstandard2.0) (>= netcoreapp3.1)) (&& (== netstandard2.1) (>= netcoreapp3.1))
    OpenTK.redist.glfw (3.3.7.27) - restriction: || (== net5.0) (&& (== netstandard2.0) (>= netcoreapp3.1)) (&& (== netstandard2.1) (>= netcoreapp3.1))
    OpenTK.Windowing.Common (4.7.4)
      OpenTK.Core (>= 4.7.4 < 4.8) - restriction: || (== net5.0) (&& (== netstandard2.0) (>= netstandard2.1)) (== netstandard2.1)
      OpenTK.Mathematics (>= 4.7.4 < 4.8) - restriction: || (== net5.0) (&& (== netstandard2.0) (>= netstandard2.1)) (== netstandard2.1)
    OpenTK.Windowing.Desktop (4.7.4)
      OpenTK.Core (>= 4.7.4 < 4.8) - restriction: || (== net5.0) (&& (== netstandard2.0) (>= netcoreapp3.1)) (&& (== netstandard2.1) (>= netcoreapp3.1))
      OpenTK.Mathematics (>= 4.7.4 < 4.8) - restriction: || (== net5.0) (&& (== netstandard2.0) (>= netcoreapp3.1)) (&& (== netstandard2.1) (>= netcoreapp3.1))
      OpenTK.Windowing.Common (>= 4.7.4 < 4.8) - restriction: || (== net5.0) (&& (== netstandard2.0) (>= netcoreapp3.1)) (&& (== netstandard2.1) (>= netcoreapp3.1))
      OpenTK.Windowing.GraphicsLibraryFramework (>= 4.7.4 < 4.8) - restriction: || (== net5.0) (&& (== netstandard2.0) (>= netcoreapp3.1)) (&& (== netstandard2.1) (>= netcoreapp3.1))
    OpenTK.Windowing.GraphicsLibraryFramework (4.7.4)
      OpenTK.Core (>= 4.7.4 < 4.8) - restriction: || (== net5.0) (&& (== netstandard2.0) (>= netcoreapp3.1)) (&& (== netstandard2.1) (>= netcoreapp3.1))
      OpenTK.redist.glfw (>= 3.3.7.27) - restriction: || (== net5.0) (&& (== netstandard2.0) (>= netcoreapp3.1)) (&& (== netstandard2.1) (>= netcoreapp3.1))
    System.Runtime.CompilerServices.Unsafe (6.0) - restriction: || (== net5.0) (&& (== netstandard2.0) (>= netstandard2.1)) (== netstandard2.1)
